GEM
  remote: https://rubygems.org/
  specs:
    awesome_print (1.8.0)

PLATFORMS
  ruby

DEPENDENCIES
  awesome_print

RUBY VERSION
   ruby 2.5.1p57

BUNDLED WITH
   1.16.5
